GEM
  remote: https://rubygems.org/
  specs:
    docile (1.4.0)
    minitest (5.15.0)
    simplecov (0.21.2)
      docile (~> 1.1)
      simplecov-html (~> 0.11)
      simplecov_json_formatter (~> 0.1)
    simplecov-html (0.12.3)
    simplecov_json_formatter (0.1.4)

PLATFORMS
  ruby

DEPENDENCIES
  minitest (~> 5.15)
  simplecov (~> 0.21.2)

RUBY VERSION
   ruby 2.7.5p203

BUNDLED WITH
   2.1.4
