GEM
  remote: https://rubygems.org/
  specs:
    minitest (5.15.0)

PLATFORMS
  ruby

DEPENDENCIES
  minitest

RUBY VERSION
   ruby 2.7.5p203

BUNDLED WITH
   2.1.4
